PATH
  remote: .
  specs:
    ruby-smpp (0.6.0)
      eventmachine (>= 1.2.0.1)
      scanf

GEM
  remote: https://rubygems.org/
  specs:
    eventmachine (1.2.7)
    rake (0.9.2)
    scanf (1.0.0)
    test-unit (2.5.4)

PLATFORMS
  ruby

DEPENDENCIES
  bundler (~> 2.5.6)
  rake
  ruby-smpp!
  test-unit

BUNDLED WITH
   2.5.6
